GIT
  remote: https://github.com/lessan/astro-algo.git
  revision: 3613e6fe68597458f3f8079dfcc534c90112a287
  specs:
    astro-algo (0.0.1)

PATH
  remote: .
  specs:
    bahai_date (1.4.1)
      RubySunrise (~> 0.3)
      astro-algo (~> 0)
      tzinfo (~> 1.2)

GEM
  remote: https://rubygems.org/
  specs:
    RubySunrise (0.3.3)
      tzinfo
    diff-lcs (1.5.0)
    docile (1.4.0)
    rspec (3.12.0)
      rspec-core (~> 3.12.0)
      rspec-expectations (~> 3.12.0)
      rspec-mocks (~> 3.12.0)
    rspec-core (3.12.2)
      rspec-support (~> 3.12.0)
    rspec-expectations (3.12.3)
      diff-lcs (>= 1.2.0, < 2.0)
      rspec-support (~> 3.12.0)
    rspec-mocks (3.12.6)
      diff-lcs (>= 1.2.0, < 2.0)
      rspec-support (~> 3.12.0)
    rspec-support (3.12.1)
    simplecov (0.22.0)
      docile (~> 1.1)
      simplecov-html (~> 0.11)
      simplecov_json_formatter (~> 0.1)
    simplecov-html (0.12.3)
    simplecov_json_formatter (0.1.4)
    thread_safe (0.3.6)
    tzinfo (1.2.11)
      thread_safe (~> 0.1)

PLATFORMS
  arm64-darwin-22

DEPENDENCIES
  astro-algo!
  bahai_date!
  rspec (~> 3)
  simplecov (~> 0)

BUNDLED WITH
   2.4.22
